GEM
  remote: https://rubygems.org/
  specs:
    redis (4.6.0)

PLATFORMS
  ruby

DEPENDENCIES
  redis

BUNDLED WITH
   1.17.2
